GEM
  remote: https://rubygems.org/
  specs:
    awesome_print (1.8.0)
    aws-sdk (2.10.24)
      aws-sdk-resources (= 2.10.24)
    aws-sdk-core (2.10.24)
      aws-sigv4 (~> 1.0)
      jmespath (~> 1.0)
    aws-sdk-resources (2.10.24)
      aws-sdk-core (= 2.10.24)
    aws-sigv4 (1.0.1)
    jmespath (1.3.1)

PLATFORMS
  ruby

DEPENDENCIES
  awesome_print
  aws-sdk (~> 2)

BUNDLED WITH
   1.11.2
